PATH
  remote: .
  specs:
    gamma-lang (0.1.0)

GEM
  remote: https://rubygems.org/
  specs:
    codeclimate-test-reporter (0.6.0)
      simplecov (>= 0.7.1, < 1.0.0)
    coderay (1.1.2)
    daemons (1.2.6)
    diff-lcs (1.3)
    docile (1.3.1)
    eventmachine (1.2.7)
    filewatcher (1.0.1)
      trollop (~> 2.1, >= 2.1.2)
    json (2.1.0)
    method_source (0.9.0)
    mustermann (1.0.3)
    paint (2.0.1)
    parslet (1.8.2)
    pry (0.11.3)
      coderay (~> 1.1.0)
      method_source (~> 0.9.0)
    rack (2.0.5)
    rack-protection (2.0.3)
      rack
    rake (10.5.0)
    rdoc (4.3.0)
    rspec (3.8.0)
      rspec-core (~> 3.8.0)
      rspec-expectations (~> 3.8.0)
      rspec-mocks (~> 3.8.0)
    rspec-core (3.8.0)
      rspec-support (~> 3.8.0)
    rspec-expectations (3.8.1)
      diff-lcs (>= 1.2.0, < 2.0)
      rspec-support (~> 3.8.0)
    rspec-mocks (3.8.0)
      diff-lcs (>= 1.2.0, < 2.0)
      rspec-support (~> 3.8.0)
    rspec-support (3.8.0)
    rubygems-tasks (0.2.4)
    simplecov (0.16.1)
      docile (~> 1.1)
      json (>= 1.8, < 3)
      simplecov-html (~> 0.10.0)
    simplecov-html (0.10.2)
    sinatra (2.0.3)
      mustermann (~> 1.0)
      rack (~> 2.0)
      rack-protection (= 2.0.3)
      tilt (~> 2.0)
    thin (1.7.2)
      daemons (~> 1.0, >= 1.0.9)
      eventmachine (~> 1.0, >= 1.0.4)
      rack (>= 1, < 3)
    thor (0.20.0)
    tilt (2.0.8)
    trollop (2.1.3)

PLATFORMS
  ruby

DEPENDENCIES
  bundler (~> 1.10)
  codeclimate-test-reporter (~> 0.1)
  filewatcher
  gamma-lang!
  paint (~> 2.0, >= 2.0.1)
  parslet
  pry
  rack
  rake (~> 10.0)
  rdoc (~> 4.0)
  rspec (~> 3.0)
  rubygems-tasks (~> 0.2)
  sinatra
  thin
  thor

BUNDLED WITH
   1.16.1
